GEM
  remote: http://rubygems.org/
  specs:
    couchrest (1.1.2)
      mime-types (~> 1.15)
      multi_json (~> 1.0.0)
      rest-client (~> 1.6.1)
    json (1.6.5)
    mime-types (1.17.2)
    multi_json (1.0.4)
    open4 (1.3.0)
    rake (0.9.2.2)
    rake-remote_task (2.0.6)
      open4 (~> 1.0)
      rake (~> 0.8)
    rest-client (1.6.7)
      mime-types (>= 1.16)
    vlad (2.2.5)
      rake (~> 0.8)
      rake-remote_task (~> 2.0)
    vlad-extras (0.5.5)
    vlad-git (2.2.0)
      vlad (>= 2.1.0)

PLATFORMS
  ruby

DEPENDENCIES
  bundler
  couchrest
  json
  vlad
  vlad-extras
  vlad-git
